NUGET
  remote: https://www.nuget.org/api/v2
    DryIoc.dll (2.1) - framework: >= net45
      System.Collections (>= 4.0)
      System.Diagnostics.Debug (>= 4.0)
      System.Diagnostics.Tools (>= 4.0)
      System.Linq (>= 4.0)
      System.Linq.Expressions (>= 4.0)
      System.Reflection (>= 4.0)
      System.Reflection.Extensions (>= 4.0)
      System.Runtime (>= 4.0)
      System.Runtime.Extensions (>= 4.0)
      System.Threading (>= 4.0)
    DryIoc.Web.dll (2.0) - framework: >= net45
      DryIoc.dll (> 1.5 < 3.0)
    DryIoc.WebApi.dll (2.0) - framework: >= net45
      DryIoc.dll (> 1.5 < 3.0)
      Microsoft.AspNet.WebApi.Core (>= 5.2.3 < 6.0)
    EntityFramework (6.1.3) - framework: >= net45
    FAKE (4.41.6)
    FAKE.Core (4.41.6)
    FAKE.FluentMigrator (4.41.6)
      FAKE.Core (4.41.6)
    FluentMigrator (1.6.2)
    FluentMigrator.Tools (1.6.2)
      FluentMigrator (>= 1.6.2)
    log4net (2.0.5) - framework: >= net45
    Microsoft.AspNet.Cors (5.2.3)
    Microsoft.AspNet.Mvc (5.2.3) - framework: >= net45
      Microsoft.AspNet.Razor (>= 3.2.3 < 3.3)
      Microsoft.AspNet.WebPages (>= 3.2.3 < 3.3)
    Microsoft.AspNet.Razor (3.2.3) - framework: >= net45
    Microsoft.AspNet.WebApi (5.2.3) - framework: >= net45
      Microsoft.AspNet.WebApi.WebHost (>= 5.2.3 < 5.3)
    Microsoft.AspNet.WebApi.Client (5.2.3) - framework: >= net45
      Newtonsoft.Json (>= 6.0.4) - framework: >= net45, portable-wp80+win+wp81+wpa81
    Microsoft.AspNet.WebApi.Core (5.2.3) - framework: >= net45
      Microsoft.AspNet.WebApi.Client (>= 5.2.3)
    Microsoft.AspNet.WebApi.Cors (5.2.3) - framework: >= net45
      Microsoft.AspNet.Cors (>= 5.2.3)
      Microsoft.AspNet.WebApi.Core (>= 5.2.3 < 5.3)
    Microsoft.AspNet.WebApi.Owin (5.2.3) - framework: >= net45
      Microsoft.AspNet.WebApi.Core (>= 5.2.3 < 5.3)
      Microsoft.Owin (>= 2.0.2)
      Owin (>= 1.0)
    Microsoft.AspNet.WebApi.WebHost (5.2.3) - framework: >= net45
      Microsoft.AspNet.WebApi.Core (>= 5.2.3 < 5.3)
    Microsoft.AspNet.WebPages (3.2.3) - framework: >= net45
      Microsoft.AspNet.Razor (>= 3.2.3 < 3.3)
      Microsoft.Web.Infrastructure (>= 1.0)
    Microsoft.Owin (3.0.1)
      Owin (>= 1.0)
    Microsoft.Owin.Cors (3.0.1)
      Microsoft.AspNet.Cors (>= 5.0)
      Microsoft.Owin (>= 3.0.1)
      Owin (>= 1.0)
    Microsoft.Owin.FileSystems (3.0.1) - framework: >= net45
    Microsoft.Owin.Host.SystemWeb (3.0.1) - framework: >= net45
      Microsoft.Owin (>= 3.0.1)
      Owin (>= 1.0)
    Microsoft.Owin.Security (3.0.1)
      Microsoft.Owin (>= 3.0.1)
      Owin (>= 1.0)
    Microsoft.Owin.Security.Jwt (3.0.1)
      Microsoft.Owin (>= 3.0.1)
      Microsoft.Owin.Security (>= 3.0.1)
      Microsoft.Owin.Security.OAuth (>= 3.0.1)
      Owin (>= 1.0)
      System.IdentityModel.Tokens.Jwt (>= 4.0)
    Microsoft.Owin.Security.OAuth (3.0.1)
      Microsoft.Owin (>= 3.0.1)
      Microsoft.Owin.Security (>= 3.0.1)
      Newtonsoft.Json (>= 6.0.4)
      Owin (>= 1.0)
    Microsoft.Owin.StaticFiles (3.0.1) - framework: >= net45
      Microsoft.Owin (>= 3.0.1)
      Microsoft.Owin.FileSystems (>= 3.0.1)
      Owin (>= 1.0)
    Microsoft.Web.Infrastructure (1.0) - framework: >= net45
    MultipartDataMediaFormatter (1.1) - framework: >= net45
      Newtonsoft.Json (>= 5.0.8)
    Newtonsoft.Json (6.0.4)
    NPOI (2.2.1)
      SharpZipLib (>= 0.86)
    NuGet.CommandLine (3.4.3)
    Owin (1.0)
    Owin.Extensions (0.8.5)
      Owin (>= 1.0)
      Owin.Types (>= 0.8.5)
    Owin.Types (0.8.5)
    SharpZipLib (0.86)
    System.Collections (4.0.11) - framework: >= net45
    System.Diagnostics.Debug (4.0.11) - framework: >= net45
    System.Diagnostics.Tools (4.0.1) - framework: >= net45
    System.IdentityModel.Tokens.Jwt (4.0.3.308261200)
    System.Linq (4.1) - framework: >= net45
    System.Linq.Expressions (4.1) - framework: >= net45
    System.Reflection (4.1) - framework: >= net45
    System.Reflection.Extensions (4.0.1) - framework: >= net45
    System.Runtime (4.1) - framework: >= net45
    System.Runtime.Extensions (4.1) - framework: >= net45
    System.Threading (4.0.11) - framework: >= net45
